GEM
  remote: http://gems.rubyforge.org/
  specs:
    builder (2.1.2)
    diff-lcs (1.1.2)
    escape (0.0.4)
    haml (3.1.3)
    json (1.5.1)
    metaclass (0.0.1)
    mime-types (1.16)
    mocha (0.10.0)
      metaclass (~> 0.0.1)
    pr_geohash (1.0.0)
    rack (1.3.5)
    rake (0.9.2)
    rcov (0.9.11)
    rest-client (1.6.1)
      mime-types (>= 1.16)
    rsolr (0.12.1)
      builder (>= 2.1.2)
    rspec (2.6.0)
      rspec-core (~> 2.6.0)
      rspec-expectations (~> 2.6.0)
      rspec-mocks (~> 2.6.0)
    rspec-core (2.6.4)
    rspec-expectations (2.6.0)
      diff-lcs (~> 1.1.2)
    rspec-mocks (2.6.0)
    sass (3.1.10)
    shotgun (0.9)
      rack (>= 1.0)
    shoulda (2.11.3)
    sinatra (1.2.6)
      rack (~> 1.1)
      tilt (< 2.0, >= 1.2.2)
    sunspot (1.2.1)
      escape (= 0.0.4)
      pr_geohash (~> 1.0)
      rsolr (= 0.12.1)
    tilt (1.3.3)

PLATFORMS
  ruby

DEPENDENCIES
  builder (= 2.1.2)
  haml
  json (= 1.5.1)
  mocha
  rake
  rcov
  rest-client (= 1.6.1)
  rspec
  sass
  shotgun
  shoulda
  sinatra (= 1.2.6)
  sunspot (~> 1.2.1)
