GEM
  remote: http://gems.rubyforge.org/
  specs:
    builder (2.1.2)
    haml (3.1.3)
    json (1.5.1)
    mime-types (1.16)
    rack (1.3.5)
    rake (0.9.2)
    rest-client (1.6.1)
      mime-types (>= 1.16)
    sass (3.1.10)
    shotgun (0.9)
      rack (>= 1.0)
    sinatra (1.2.6)
      rack (~> 1.1)
      tilt (>= 1.2.2, < 2.0)
    tilt (1.3.3)

PLATFORMS
  ruby

DEPENDENCIES
  builder (= 2.1.2)
  haml
  json (= 1.5.1)
  rake
  rest-client (= 1.6.1)
  sass
  shotgun
  sinatra (= 1.2.6)
