GEM
  remote: http://gems.rubyforge.org/
  specs:
    builder (3.0.0)
    escape (0.0.4)
    haml (3.1.3)
    json (1.5.1)
    mime-types (1.16)
    nokogiri (1.4.1)
    pr_geohash (1.0.0)
    rack (1.3.4)
    rest-client (1.6.1)
      mime-types (>= 1.16)
    rsolr (0.12.1)
      builder (>= 2.1.2)
    sass (3.1.10)
    shotgun (0.9)
      rack (>= 1.0)
    sinatra (1.2.6)
      rack (~> 1.1)
      tilt (>= 1.2.2, < 2.0)
    sunspot (1.2.1)
      escape (= 0.0.4)
      pr_geohash (~> 1.0)
      rsolr (= 0.12.1)
    tilt (1.3.3)

PLATFORMS
  ruby

DEPENDENCIES
  haml
  json (= 1.5.1)
  nokogiri (= 1.4.1)
  rest-client (= 1.6.1)
  sass
  shotgun
  sinatra (= 1.2.6)
  sunspot (~> 1.2.1)
